GEM
  remote: http://rubygems.org/
  specs:
    addressable (2.2.8)
    faraday (0.7.6)
      addressable (~> 2.2)
      multipart-post (~> 1.1)
      rack (~> 1.1)
    multipart-post (1.1.5)
    nokogiri (1.5.2)
    rack (1.4.1)
    rack-protection (1.2.0)
      rack
    shotgun (0.9)
      rack (>= 1.0)
    sinatra (1.3.2)
      rack (~> 1.3, >= 1.3.6)
      rack-protection (~> 1.2)
      tilt (~> 1.3, >= 1.3.3)
    slim (1.2.2)
      temple (~> 0.4.0)
      tilt (~> 1.3.3)
    temple (0.4.0)
    tilt (1.3.3)
    vacuum (0.2.2)
      addressable (~> 2.2)
      faraday (~> 0.7.6)
      nokogiri (~> 1.5)

PLATFORMS
  ruby

DEPENDENCIES
  shotgun
  sinatra
  slim
  vacuum
